PATH
  remote: .
  specs:
    omniauth-samlr (1.0.0)
      omniauth (~> 1.1)

PATH
  remote: ../samlr
  specs:
    samlr (1.0.0)
      nokogiri (>= 1.5.5)
      trollop (>= 1.16.2)
      uuidtools (>= 2.1.3)

GEM
  remote: http://rubygems.org/
  specs:
    bouncy-castle-java (1.5.0146.1)
    coderay (1.0.8)
    diff-lcs (1.1.3)
    guard (1.5.3)
      listen (>= 0.4.2)
      lumberjack (>= 1.0.2)
      pry (>= 0.9.10)
      thor (>= 0.14.6)
    guard-rspec (2.1.1)
      guard (>= 1.1)
      rspec (~> 2.11)
    hashie (1.2.0)
    jruby-openssl (0.7.6.1)
      bouncy-castle-java (>= 1.5.0146.1)
    listen (0.5.3)
    lumberjack (1.0.2)
    method_source (0.8.1)
    multi_json (1.3.7)
    nokogiri (1.5.8-java)
    omniauth (1.1.3)
      hashie (~> 1.2)
      rack
    pry (0.9.10)
      coderay (~> 1.0.5)
      method_source (~> 0.8)
      slop (~> 3.3.1)
    pry (0.9.10-java)
      coderay (~> 1.0.5)
      method_source (~> 0.8)
      slop (~> 3.3.1)
      spoon (~> 0.0)
    rack (1.4.1)
    rack-test (0.6.2)
      rack (>= 1.0)
    rspec (2.11.0)
      rspec-core (~> 2.11.0)
      rspec-expectations (~> 2.11.0)
      rspec-mocks (~> 2.11.0)
    rspec-core (2.11.1)
    rspec-expectations (2.11.3)
      diff-lcs (~> 1.1.3)
    rspec-mocks (2.11.3)
    simplecov (0.7.1)
      multi_json (~> 1.0)
      simplecov-html (~> 0.7.1)
    simplecov-html (0.7.1)
    slop (3.3.3)
    spoon (0.0.1)
    thor (0.16.0)
    trollop (2.0)
    uuidtools (2.1.3)

PLATFORMS
  java
  ruby

DEPENDENCIES
  guard (~> 1.0)
  guard-rspec (~> 2.1)
  jruby-openssl
  omniauth-samlr!
  rack-test (~> 0.6)
  rspec (~> 2.8)
  samlr!
  simplecov (~> 0.6)
